PATH
  remote: .
  specs:
    forte-payments (0.0.3)
      faraday (= 0.10.1)
      faraday_middleware
      hashie
      json

GEM
  remote: https://rubygems.org/
  specs:
    addressable (2.5.2)
      public_suffix (>= 2.0.2, < 4.0)
    crack (0.4.3)
      safe_yaml (~> 1.0.0)
    faraday (0.10.1)
      multipart-post (>= 1.2, < 3)
    faraday_middleware (0.14.0)
      faraday (>= 0.7.4, < 1.0)
    hashdiff (0.3.7)
    hashie (4.1.0)
    json (2.3.1)
    minitest (5.11.3)
    multipart-post (2.1.1)
    public_suffix (3.0.2)
    rake (12.3.1)
    safe_yaml (1.0.4)
    vcr (4.0.0)
    webmock (3.4.2)
      addressable (>= 2.3.6)
      crack (>= 0.3.2)
      hashdiff

PLATFORMS
  ruby

DEPENDENCIES
  bundler
  forte-payments!
  minitest
  rake
  vcr
  webmock

BUNDLED WITH
   1.17.2
